GEM
  remote: https://rubygems.org/
  specs:
    addressable (2.5.2)
      public_suffix (>= 2.0.2, < 4.0)
    colorize (0.8.1)
    css_parser (1.6.0)
      addressable
    mini_portile2 (2.5.1)
    nokogiri (1.11.4)
      mini_portile2 (~> 2.5.0)
      racc (~> 1.4)
    public_suffix (3.0.2)
    racc (1.5.2)

PLATFORMS
  ruby

DEPENDENCIES
  colorize
  css_parser
  nokogiri

BUNDLED WITH
   1.16.1
